GEM
  remote: http://rubygems.org/
  specs:
    haml (3.1.7)
    pygmentize (0.0.3)
    rack (1.4.1)
    rack-protection (1.3.2)
      rack
    redis (3.0.2)
    sinatra (1.3.3)
      rack (~> 1.3, >= 1.3.6)
      rack-protection (~> 1.2)
      tilt (~> 1.3, >= 1.3.3)
    tilt (1.3.3)

PLATFORMS
  x86-mingw32

DEPENDENCIES
  haml
  pygmentize
  redis
  sinatra
