GIT
  remote: git://github.com/tuxedo25/pygmentize.git
  revision: 51766d0b00e1113ab1848724728902a7ea36b264
  specs:
    pygmentize (0.0.3)

GEM
  remote: http://rubygems.org/
  specs:
    haml (3.1.7)
    rack (1.4.2)
    rack-protection (1.3.2)
      rack
    redis (3.0.2)
    sass (3.2.5)
    sinatra (1.3.3)
      rack (~> 1.3, >= 1.3.6)
      rack-protection (~> 1.2)
      tilt (~> 1.3, >= 1.3.3)
    tilt (1.3.3)

DEPENDENCIES
  haml
  pygmentize!
  redis
  sass
  sinatra
